PATH
  remote: ~/gems/jenkins.rb/ruby-runtime
  specs:
    jenkins-plugin-runtime (0.2.3)
      json
      slop (~> 3.0.2)

GEM
  remote: https://rubygems.org/
  specs:
    diff-lcs (1.2.3)
    json (1.7.7)
    json (1.7.7-java)
    rake (10.0.4)
    rspec (2.13.0)
      rspec-core (~> 2.13.0)
      rspec-expectations (~> 2.13.0)
      rspec-mocks (~> 2.13.0)
    rspec-core (2.13.1)
    rspec-expectations (2.13.0)
      diff-lcs (>= 1.1.3, < 2.0)
    rspec-mocks (2.13.1)
    slop (3.0.4)

PLATFORMS
  java
  ruby

DEPENDENCIES
  jenkins-plugin-runtime!
  rake
  rspec
